GIT
  remote: git@git.mckinsey-solutions.com:infra/cookbook_utils
  revision: 498a8c1f4c334d459d791a61b3bf4e204d81c818
  tag: v0.3.1
  specs:
    cookbook_utils (0.3.1)
      foodcritic
      minitest
      minitest-reporters
      rake (~> 10.0)
      rubocop
      simplecov
      win32console
      zip

GEM
  remote: https://rubygems.org/
  specs:
    ansi (1.5.0)
    ast (2.3.0)
    builder (3.2.2)
    cucumber-core (1.5.0)
      gherkin (~> 4.0)
    docile (1.1.5)
    erubis (2.7.0)
    foodcritic (7.0.1)
      cucumber-core (>= 1.3)
      erubis
      nokogiri (>= 1.5, < 2.0)
      rake
      rufus-lru (~> 1.0)
      treetop (~> 1.4)
      yajl-ruby (~> 1.1)
    gherkin (4.0.0)
    json (2.0.1)
    mini_portile2 (2.1.0)
    minitest (5.9.0)
    minitest-reporters (1.1.10)
      ansi
      builder
      minitest (>= 5.0)
      ruby-progressbar
    nokogiri (1.6.8-x64-mingw32)
      mini_portile2 (~> 2.1.0)
      pkg-config (~> 1.1.7)
    parser (2.3.1.2)
      ast (~> 2.2)
    pkg-config (1.1.7)
    polyglot (0.3.5)
    powerpack (0.1.1)
    rainbow (2.1.0)
    rake (10.5.0)
    rubocop (0.41.2)
      parser (>= 2.3.1.1, < 3.0)
      powerpack (~> 0.1)
      rainbow (>= 1.99.1, < 3.0)
      ruby-progressbar (~> 1.7)
      unicode-display_width (~> 1.0, >= 1.0.1)
    ruby-progressbar (1.8.1)
    rufus-lru (1.1.0)
    simplecov (0.12.0)
      docile (~> 1.1.0)
      json (>= 1.8, < 3)
      simplecov-html (~> 0.10.0)
    simplecov-html (0.10.0)
    treetop (1.6.5)
      polyglot (~> 0.3)
    unicode-display_width (1.1.0)
    win32console (1.3.2)
    yajl-ruby (1.2.1)
    zip (2.0.2)

PLATFORMS
  x64-mingw32

DEPENDENCIES
  cookbook_utils!

BUNDLED WITH
   1.12.5
